GEM
  remote: https://rubygems.org/
  specs:
    awesome_print (1.8.0)
    bump (0.5.4)
    childprocess (0.8.0)
      ffi (~> 1.0, >= 1.0.11)
    ffi (1.9.18)
    highline (1.7.8)

PLATFORMS
  ruby

DEPENDENCIES
  awesome_print
  bump
  childprocess
  highline

BUNDLED WITH
   1.15.4
